GIT
  remote: https://github.com/sbounmy/bitcoin-ruby.git
  revision: 63b690a7c647b5ae3a0d430a8bf606edd2ef5737
  branch: master
  specs:
    bitcoin-ruby (0.0.20)
      eventmachine
      ffi
      scrypt

PATH
  remote: .
  specs:
    btc_sender (0.1.0)

GEM
  remote: https://rubygems.org/
  specs:
    addressable (2.8.6)
      public_suffix (>= 2.0.2, < 6.0)
    bigdecimal (3.1.6)
    coderay (1.1.3)
    crack (1.0.0)
      bigdecimal
      rexml
    diff-lcs (1.5.0)
    eventmachine (1.2.7)
    ffi (1.17.1-x86_64-darwin)
    ffi (1.17.1-x86_64-linux-gnu)
    ffi-compiler (1.3.2)
      ffi (>= 1.15.5)
      rake
    hashdiff (1.1.0)
    httparty (0.18.1)
      mime-types (~> 3.0)
      multi_xml (>= 0.5.2)
    method_source (1.0.0)
    mime-types (3.3.1)
      mime-types-data (~> 3.2015)
    mime-types-data (3.2021.0704)
    multi_xml (0.6.0)
    pry (0.14.2)
      coderay (~> 1.1)
      method_source (~> 1.0)
    public_suffix (5.0.4)
    rake (13.2.1)
    rexml (3.2.6)
    rspec (3.12.0)
      rspec-core (~> 3.12.0)
      rspec-expectations (~> 3.12.0)
      rspec-mocks (~> 3.12.0)
    rspec-core (3.12.2)
      rspec-support (~> 3.12.0)
    rspec-expectations (3.12.3)
      diff-lcs (>= 1.2.0, < 2.0)
      rspec-support (~> 3.12.0)
    rspec-mocks (3.12.6)
      diff-lcs (>= 1.2.0, < 2.0)
      rspec-support (~> 3.12.0)
    rspec-support (3.12.1)
    scrypt (3.0.8)
      ffi-compiler (>= 1.0, < 2.0)
      rake (>= 9, < 14)
    webmock (3.20.0)
      addressable (>= 2.8.0)
      crack (>= 0.3.2)
      hashdiff (>= 0.4.0, < 2.0.0)

PLATFORMS
  x86_64-darwin-23
  x86_64-linux

DEPENDENCIES
  bitcoin-ruby!
  btc_sender!
  bundler
  httparty
  pry
  rspec
  webmock

RUBY VERSION
   ruby 3.3.4p94

BUNDLED WITH
   2.4.22
