PATH
  remote: .
  specs:
    btc_sender (0.1.0)

GEM
  remote: https://rubygems.org/
  specs:
    addressable (2.8.6)
      public_suffix (>= 2.0.2, < 6.0)
    base32 (0.3.4)
    base64 (0.2.0)
    bech32 (1.4.2)
      thor (>= 1.1.0)
    bigdecimal (3.1.6)
    bip-schnorr (0.7.0)
      ecdsa_ext (~> 0.5.0)
    bitcoinrb (1.8.0)
      base32 (>= 0.3.4)
      base64 (~> 0.2.0)
      bech32 (>= 1.3.0)
      bip-schnorr (>= 0.7.0)
      daemon-spawn
      ecdsa_ext (~> 0.5.1)
      eventmachine
      eventmachine_httpserver
      iniparse
      json_pure (>= 2.3.1, < 2.8.0)
      leb128 (~> 1.0.0)
      murmurhash3 (~> 0.1.7)
      observer (~> 0.1.2)
      secp256k1rb (= 0.1.1)
      siphash
      thor
    coderay (1.1.3)
    crack (1.0.0)
      bigdecimal
      rexml
    daemon-spawn (0.4.2)
    diff-lcs (1.5.0)
    ecdsa (1.2.0)
    ecdsa_ext (0.5.1)
      ecdsa (~> 1.2.0)
    eventmachine (1.2.7)
    eventmachine_httpserver (0.2.1)
    ffi (1.17.1-x86_64-darwin)
    ffi (1.17.1-x86_64-linux-gnu)
    hashdiff (1.1.0)
    httparty (0.18.1)
      mime-types (~> 3.0)
      multi_xml (>= 0.5.2)
    iniparse (1.5.0)
    json_pure (2.7.6)
    leb128 (1.0.0)
    method_source (1.0.0)
    mime-types (3.3.1)
      mime-types-data (~> 3.2015)
    mime-types-data (3.2021.0704)
    multi_xml (0.6.0)
    murmurhash3 (0.1.7)
    observer (0.1.2)
    pry (0.14.2)
      coderay (~> 1.1)
      method_source (~> 1.0)
    public_suffix (5.0.4)
    rexml (3.2.6)
    rspec (3.12.0)
      rspec-core (~> 3.12.0)
      rspec-expectations (~> 3.12.0)
      rspec-mocks (~> 3.12.0)
    rspec-core (3.12.2)
      rspec-support (~> 3.12.0)
    rspec-expectations (3.12.3)
      diff-lcs (>= 1.2.0, < 2.0)
      rspec-support (~> 3.12.0)
    rspec-mocks (3.12.6)
      diff-lcs (>= 1.2.0, < 2.0)
      rspec-support (~> 3.12.0)
    rspec-support (3.12.1)
    secp256k1rb (0.1.1)
      ffi (>= 1.16.3)
    siphash (0.0.1)
    thor (1.3.2)
    webmock (3.20.0)
      addressable (>= 2.8.0)
      crack (>= 0.3.2)
      hashdiff (>= 0.4.0, < 2.0.0)

PLATFORMS
  x86_64-darwin-23
  x86_64-linux

DEPENDENCIES
  bitcoinrb
  btc_sender!
  bundler
  httparty
  pry
  rspec
  webmock

RUBY VERSION
   ruby 3.3.4p94

BUNDLED WITH
   2.6.3
